GIT
  remote: https://github.com/voxpupuli/github-changelog-generator
  revision: f8ea2120f11bd6635982ba74d8264726c50bff19
  branch: voxpupuli_essential_fixes
  specs:
    github_changelog_generator (1.15.1)
      activesupport
      async-http-faraday
      faraday-http-cache
      multi_json
      octokit (~> 4.6)
      rainbow (>= 2.2.1)
      rake (>= 10.0)
      retriable (~> 3.0)

GEM
  remote: https://rubygems.org/
  specs:
    activesupport (6.1.4.1)
      concurrent-ruby (~> 1.0, >= 1.0.2)
      i18n (>= 1.6, < 2)
      minitest (>= 5.1)
      tzinfo (~> 2.0)
      zeitwerk (~> 2.3)
    addressable (2.8.0)
      public_suffix (>= 2.0.2, < 5.0)
    ansi (1.5.0)
    ast (2.4.2)
    async (1.30.1)
      console (~> 1.10)
      nio4r (~> 2.3)
      timers (~> 4.1)
    async-http (0.56.5)
      async (>= 1.25)
      async-io (>= 1.28)
      async-pool (>= 0.2)
      protocol-http (~> 0.22.0)
      protocol-http1 (~> 0.14.0)
      protocol-http2 (~> 0.14.0)
    async-http-faraday (0.11.0)
      async-http (~> 0.42)
      faraday
    async-io (1.32.2)
      async
    async-pool (0.3.8)
      async (>= 1.25)
    bcrypt_pbkdf (1.1.0)
    beaker (4.30.0)
      beaker-hostgenerator
      hocon (~> 1.0)
      in-parallel (~> 0.1)
      inifile (~> 3.0)
      minitar (~> 0.6)
      minitest (~> 5.4)
      net-scp (>= 1.2, < 4.0)
      net-ssh (>= 5.0)
      open_uri_redirections (~> 0.2.1)
      pry-byebug (~> 3.9)
      rb-readline (~> 0.5.3)
      rexml
      rsync (~> 1.0.9)
      stringify-hash (~> 0.0)
      thor (>= 1.0.1, < 2.0)
    beaker-abs (0.9.0)
      beaker (~> 4.0)
      vmfloaty (>= 1.0, < 2)
    beaker-answers (0.29.0)
      hocon (~> 1.0)
      require_all (>= 1.3.2, < 3.1.0)
      stringify-hash (~> 0.0.0)
    beaker-docker (1.0.1)
      docker-api (~> 2.1)
      stringify-hash (~> 0.0.0)
    beaker-hiera (0.4.0)
      beaker (~> 4.0)
    beaker-hostgenerator (1.6.1)
      deep_merge (~> 1.0)
      stringify-hash (~> 0.0.0)
    beaker-module_install_helper (0.1.7)
      beaker (>= 2.0)
    beaker-pe (2.11.16)
      beaker (~> 4.0)
      beaker-abs
      beaker-answers (~> 0.0)
      beaker-puppet (~> 1.0)
      beaker-vmpooler (~> 1.0)
      stringify-hash (~> 0.0.0)
    beaker-puppet (1.22.1)
      beaker (~> 4.1)
      in-parallel (~> 0.1)
      oga
    beaker-puppet_install_helper (0.9.8)
      beaker (~> 4.0)
      beaker-pe (~> 2.0)
    beaker-rspec (6.3.0)
      beaker (> 3.0)
      beaker-pe
      rspec (~> 3.0)
      serverspec (~> 2)
      specinfra (~> 2)
    beaker-vagrant (0.7.1)
    beaker-vmpooler (1.4.0)
      stringify-hash (~> 0.0.0)
    builder (3.2.4)
    byebug (11.1.3)
    childprocess (4.1.0)
    coderay (1.1.3)
    colorize (0.8.1)
    commander (4.6.0)
      highline (~> 2.0.0)
    concurrent-ruby (1.1.9)
    console (1.13.1)
      fiber-local
    coveralls (0.8.23)
      json (>= 1.8, < 3)
      simplecov (~> 0.16.1)
      term-ansicolor (~> 1.3)
      thor (>= 0.19.4, < 2.0)
      tins (~> 1.6)
    deep_merge (1.2.1)
    diff-lcs (1.4.4)
    docile (1.4.0)
    docker-api (2.2.0)
      excon (>= 0.47.0)
      multi_json
    domain_name (0.5.20190701)
      unf (>= 0.0.5, < 1.0.0)
    ed25519 (1.2.4)
    erubi (1.10.0)
    excon (0.85.0)
    facter (4.2.4)
      hocon (~> 1.3)
      thor (>= 1.0.1, < 2.0)
    facterdb (1.9.0)
      facter (< 5.0.0)
      jgrep
    faraday (1.8.0)
      faraday-em_http (~> 1.0)
      faraday-em_synchrony (~> 1.0)
      faraday-excon (~> 1.1)
      faraday-httpclient (~> 1.0.1)
      faraday-net_http (~> 1.0)
      faraday-net_http_persistent (~> 1.1)
      faraday-patron (~> 1.0)
      faraday-rack (~> 1.0)
      multipart-post (>= 1.2, < 3)
      ruby2_keywords (>= 0.0.4)
    faraday-em_http (1.0.0)
    faraday-em_synchrony (1.0.0)
    faraday-excon (1.1.0)
    faraday-http-cache (2.2.0)
      faraday (>= 0.8)
    faraday-httpclient (1.0.1)
    faraday-net_http (1.0.1)
    faraday-net_http_persistent (1.2.0)
    faraday-patron (1.0.0)
    faraday-rack (1.0.0)
    fast_gettext (1.8.0)
    ffi (1.15.4)
    fiber-local (1.0.0)
    formatador (0.3.0)
    gssapi (1.3.1)
      ffi (>= 1.0.1)
    guard (2.18.0)
      formatador (>= 0.2.4)
      listen (>= 2.7, < 4.0)
      lumberjack (>= 1.0.12, < 2.0)
      nenv (~> 0.1)
      notiffany (~> 0.0)
      pry (>= 0.13.0)
      shellany (~> 0.0)
      thor (>= 0.18.1)
    guard-rake (1.0.0)
      guard
      rake
    gyoku (1.3.1)
      builder (>= 2.1.2)
    hiera (3.7.0)
    highline (2.0.3)
    hocon (1.3.1)
    http-accept (1.7.0)
    http-cookie (1.0.4)
      domain_name (~> 0.5)
    httpclient (2.8.3)
    i18n (1.8.10)
      concurrent-ruby (~> 1.0)
    in-parallel (0.1.17)
    inifile (3.0.0)
    iniparse (1.5.0)
    jgrep (1.5.4)
    json (2.5.1)
    json-schema (2.8.1)
      addressable (>= 2.4)
    listen (3.7.0)
      rb-fsevent (~> 0.10, >= 0.10.3)
      rb-inotify (~> 0.9, >= 0.9.10)
    little-plugger (1.1.4)
    locale (2.1.3)
    logging (2.3.0)
      little-plugger (~> 1.1)
      multi_json (~> 1.14)
    lumberjack (1.2.8)
    metadata-json-lint (2.4.0)
      json-schema (~> 2.8)
      spdx-licenses (~> 1.0)
    method_source (1.0.0)
    mime-types (3.3.1)
      mime-types-data (~> 3.2015)
    mime-types-data (3.2021.0901)
    minitar (0.9)
    minitest (5.14.4)
    mocha (1.13.0)
    multi_json (1.15.0)
    multipart-post (2.1.1)
    nenv (0.3.0)
    net-scp (3.0.0)
      net-ssh (>= 2.6.5, < 7.0.0)
    net-ssh (6.1.0)
    net-telnet (0.1.1)
    netrc (0.11.0)
    nio4r (2.5.8)
    nori (2.6.0)
    notiffany (0.1.3)
      nenv (~> 0.1)
      shellany (~> 0.0)
    octokit (4.21.0)
      faraday (>= 0.9)
      sawyer (~> 0.8.0, >= 0.5.3)
    oga (3.3)
      ast
      ruby-ll (~> 2.1)
    open_uri_redirections (0.2.1)
    overcommit (0.58.0)
      childprocess (>= 0.6.3, < 5)
      iniparse (~> 1.4)
      rexml (~> 3.2)
    parallel (1.21.0)
    parallel_tests (3.7.3)
      parallel
    parser (2.7.2.0)
      ast (~> 2.4.1)
    pathspec (1.0.0)
    powerpack (0.1.3)
    protocol-hpack (1.4.2)
    protocol-http (0.22.5)
    protocol-http1 (0.14.2)
      protocol-http (~> 0.22)
    protocol-http2 (0.14.2)
      protocol-hpack (~> 1.4)
      protocol-http (~> 0.18)
    pry (0.13.1)
      coderay (~> 1.1)
      method_source (~> 1.0)
    pry-byebug (3.9.0)
      byebug (~> 11.0)
      pry (~> 0.13.0)
    public_suffix (4.0.6)
    puppet (6.24.0)
      concurrent-ruby (~> 1.0)
      deep_merge (~> 1.0)
      facter (> 2.0.1, < 5)
      fast_gettext (~> 1.1)
      hiera (>= 3.2.1, < 4)
      httpclient (~> 2.8)
      locale (~> 2.1)
      multi_json (~> 1.10)
      puppet-resource_api (~> 1.5)
      semantic_puppet (~> 1.0)
    puppet-blacksmith (6.1.1)
      puppet-modulebuilder (~> 0.2)
      rest-client (~> 2.0)
    puppet-lint (2.5.2)
    puppet-lint-absolute_classname-check (3.0.1)
      puppet-lint (>= 1.0, < 3.0)
    puppet-lint-anchor-check (1.0.1)
      puppet-lint (>= 1.1, < 3.0)
    puppet-lint-classes_and_types_beginning_with_digits-check (0.1.2)
      puppet-lint (>= 1.0, < 3.0)
    puppet-lint-file_ensure-check (1.0.0)
      puppet-lint (>= 1.0, < 3.0)
    puppet-lint-leading_zero-check (1.0.0)
      puppet-lint (>= 1.0, < 3.0)
    puppet-lint-legacy_facts-check (1.0.4)
      puppet-lint (~> 2.4)
    puppet-lint-manifest_whitespace-check (0.1.17)
      puppet-lint (>= 1.0, < 3.0)
    puppet-lint-optional_default-check (1.0.0)
      puppet-lint (>= 2.1, < 3.0)
    puppet-lint-resource_reference_syntax (1.1.0)
      puppet-lint (>= 1.0, < 3.0)
    puppet-lint-strict_indent-check (2.0.8)
      puppet-lint (> 1.0)
    puppet-lint-topscope-variable-check (1.0.1)
      puppet-lint (~> 2.0)
    puppet-lint-trailing_comma-check (0.4.2)
      puppet-lint (>= 1.0, < 3.0)
    puppet-lint-unquoted_string-check (2.1.0)
      puppet-lint (>= 2.1, < 3.0)
    puppet-lint-variable_contains_upcase (1.2.0)
      puppet-lint (>= 1.0, < 3.0)
    puppet-lint-version_comparison-check (1.0.0)
      puppet-lint (>= 1.0, < 3.0)
    puppet-modulebuilder (0.3.0)
      minitar (~> 0.9)
      pathspec (>= 0.2.1, < 2.0.0)
    puppet-resource_api (1.8.14)
      hocon (>= 1.0)
    puppet-strings (2.8.0)
      rgen
      yard (~> 0.9.5)
    puppet-syntax (3.1.0)
      puppet (>= 5)
      rake
    puppet_metadata (0.3.0)
      metadata-json-lint (~> 2.0)
      semantic_puppet (~> 1.0)
    puppetlabs_spec_helper (2.16.0)
      mocha (~> 1.0)
      pathspec (>= 0.2.1, < 1.1.0)
      puppet-lint (~> 2.0)
      puppet-syntax (>= 2.0, < 4)
      rspec-puppet (~> 2.0)
    rainbow (2.2.2)
      rake
    rake (13.0.6)
    rb-fsevent (0.11.0)
    rb-inotify (0.10.1)
      ffi (~> 1.0)
    rb-readline (0.5.5)
    rbnacl (7.1.1)
      ffi
    rbnacl-libsodium (1.0.16)
      rbnacl (>= 3.0.1)
    require_all (3.0.0)
    rest-client (2.1.0)
      http-accept (>= 1.7.0, < 2.0)
      http-cookie (>= 1.0.2, < 2.0)
      mime-types (>= 1.16, < 4.0)
      netrc (~> 0.8)
    retriable (3.1.2)
    rexml (3.2.5)
    rgen (0.8.2)
    rspec (3.10.0)
      rspec-core (~> 3.10.0)
      rspec-expectations (~> 3.10.0)
      rspec-mocks (~> 3.10.0)
    rspec-core (3.10.1)
      rspec-support (~> 3.10.0)
    rspec-expectations (3.10.1)
      diff-lcs (>= 1.2.0, < 2.0)
      rspec-support (~> 3.10.0)
    rspec-its (1.3.0)
      rspec-core (>= 3.0.0)
      rspec-expectations (>= 3.0.0)
    rspec-mocks (3.10.2)
      diff-lcs (>= 1.2.0, < 2.0)
      rspec-support (~> 3.10.0)
    rspec-puppet (2.10.0)
      rspec
    rspec-puppet-facts (2.0.2)
      facter
      facterdb (>= 0.5.0)
      puppet
    rspec-puppet-utils (3.4.0)
      mocha
      puppet
      puppetlabs_spec_helper
      rspec
      rspec-puppet
    rspec-support (3.10.2)
    rsync (1.0.9)
    rubocop (0.49.1)
      parallel (~> 1.10)
      parser (>= 2.3.3.1, < 3.0)
      powerpack (~> 0.1)
      rainbow (>= 1.99.1, < 3.0)
      ruby-progressbar (~> 1.7)
      unicode-display_width (~> 1.0, >= 1.0.1)
    rubocop-rspec (1.16.0)
      rubocop (>= 0.49.0)
    ruby-ll (2.1.2)
      ansi
      ast
    ruby-progressbar (1.11.0)
    ruby2_keywords (0.0.5)
    rubyntlm (0.6.3)
    sawyer (0.8.2)
      addressable (>= 2.3.5)
      faraday (> 0.8, < 2.0)
    semantic_puppet (1.0.4)
    serverspec (2.41.8)
      multi_json
      rspec (~> 3.0)
      rspec-its
      specinfra (~> 2.72)
    sfl (2.3)
    shellany (0.0.1)
    simplecov (0.16.1)
      docile (~> 1.1)
      json (>= 1.8, < 3)
      simplecov-html (~> 0.10.0)
    simplecov-console (0.9.1)
      ansi
      simplecov
      terminal-table
    simplecov-html (0.10.2)
    spdx-licenses (1.3.0)
    specinfra (2.82.25)
      net-scp
      net-ssh (>= 2.7)
      net-telnet (= 0.1.1)
      sfl
    stringify-hash (0.0.2)
    sync (0.5.0)
    term-ansicolor (1.7.1)
      tins (~> 1.0)
    terminal-table (3.0.2)
      unicode-display_width (>= 1.1.1, < 3)
    thor (1.1.0)
    timers (4.3.3)
    tins (1.29.1)
      sync
    tzinfo (2.0.4)
      concurrent-ruby (~> 1.0)
    unf (0.1.4)
      unf_ext
    unf_ext (0.0.8)
    unicode-display_width (1.8.0)
    vmfloaty (1.4.0)
      colorize (~> 0.8.1)
      commander (>= 4.4.3, < 4.7.0)
      faraday (~> 1.5, >= 1.5.1)
    voxpupuli-acceptance (1.0.1)
      bcrypt_pbkdf
      beaker (>= 4.2.0, != 4.23.0, != 4.22.0)
      beaker-docker
      beaker-hiera (~> 0.4)
      beaker-hostgenerator (>= 1.1.22)
      beaker-module_install_helper
      beaker-puppet
      beaker-puppet_install_helper
      beaker-rspec
      beaker-vagrant
      ed25519
      puppet-modulebuilder (~> 0.1)
      rake
      rbnacl (>= 4)
      rbnacl-libsodium
      serverspec
      winrm
    voxpupuli-release (1.0.2)
      puppet-blacksmith (>= 4.0.0)
      rake
    voxpupuli-test (2.4.0)
      facterdb (>= 1.4.0)
      metadata-json-lint
      parallel_tests
      puppet-lint-absolute_classname-check (>= 2.0.0)
      puppet-lint-anchor-check
      puppet-lint-classes_and_types_beginning_with_digits-check
      puppet-lint-file_ensure-check
      puppet-lint-leading_zero-check
      puppet-lint-legacy_facts-check
      puppet-lint-manifest_whitespace-check
      puppet-lint-optional_default-check
      puppet-lint-resource_reference_syntax
      puppet-lint-strict_indent-check
      puppet-lint-topscope-variable-check
      puppet-lint-trailing_comma-check
      puppet-lint-unquoted_string-check
      puppet-lint-variable_contains_upcase
      puppet-lint-version_comparison-check
      puppetlabs_spec_helper (>= 2.14.0)
      rake
      rspec-puppet-facts (>= 2.0.1, < 3)
      rspec-puppet-utils (>= 1.9.5)
      rubocop (~> 0.49.1)
      rubocop-rspec (~> 1.16.0)
    winrm (2.3.6)
      builder (>= 2.1.2)
      erubi (~> 1.8)
      gssapi (~> 1.2)
      gyoku (~> 1.0)
      httpclient (~> 2.2, >= 2.2.0.2)
      logging (>= 1.6.1, < 3.0)
      nori (~> 2.0)
      rubyntlm (~> 0.6.0, >= 0.6.3)
    yard (0.9.26)
    zeitwerk (2.4.2)

PLATFORMS
  x86_64-linux

DEPENDENCIES
  coveralls
  facter
  github_changelog_generator!
  guard-rake
  overcommit (>= 0.39.1)
  puppet (~> 6.0)
  puppet-blacksmith
  puppet-strings (>= 2.2)
  puppet_metadata (~> 0.3.0)
  puppetlabs_spec_helper (~> 2.0)
  rake
  simplecov-console
  voxpupuli-acceptance
  voxpupuli-release
  voxpupuli-test (~> 2.1)

BUNDLED WITH
   2.2.5
